GEM
  remote: https://rubygems.org/
  specs:
    diff-lcs (1.6.1)
    power_assert (2.0.5)
    rspec (3.13.0)
      rspec-core (~> 3.13.0)
      rspec-expectations (~> 3.13.0)
      rspec-mocks (~> 3.13.0)
    rspec-core (3.13.3)
      rspec-support (~> 3.13.0)
    rspec-expectations (3.13.3)
      diff-lcs (>= 1.2.0, < 2.0)
      rspec-support (~> 3.13.0)
    rspec-mocks (3.13.2)
      diff-lcs (>= 1.2.0, < 2.0)
      rspec-support (~> 3.13.0)
    rspec-support (3.13.2)
    test-unit (3.6.7)
      power_assert

PLATFORMS
  arm64-darwin-24

DEPENDENCIES
  rspec (~> 3.12)
  test-unit

RUBY VERSION
   ruby 3.2.2p53

BUNDLED WITH
   2.4.10
